GIT
  remote: https://github.com/carrierwaveuploader/carrierwave.git
  revision: 07dc4d7bd7806ab4b963cf8acbad73d97cdfe74e
  specs:
    carrierwave (1.1.0)
      activemodel (>= 4.0.0)
      activesupport (>= 4.0.0)
      mime-types (>= 1.16)

GEM
  remote: https://rubygems.org/
  specs:
    RubyInline (3.12.4)
      ZenTest (~> 4.3)
    ZenTest (4.11.1)
    actioncable (5.0.3)
      actionpack (= 5.0.3)
      nio4r (>= 1.2, < 3.0)
      websocket-driver (~> 0.6.1)
    actionmailer (5.0.3)
      actionpack (= 5.0.3)
      actionview (= 5.0.3)
      activejob (= 5.0.3)
      mail (~> 2.5, >= 2.5.4)
      rails-dom-testing (~> 2.0)
    actionpack (5.0.3)
      actionview (= 5.0.3)
      activesupport (= 5.0.3)
      rack (~> 2.0)
      rack-test (~> 0.6.3)
      rails-dom-testing (~> 2.0)
      rails-html-sanitizer (~> 1.0, >= 1.0.2)
    actionview (5.0.3)
      activesupport (= 5.0.3)
      builder (~> 3.1)
      erubis (~> 2.7.0)
      rails-dom-testing (~> 2.0)
      rails-html-sanitizer (~> 1.0, >= 1.0.3)
    active_model_serializers (0.10.6)
      actionpack (>= 4.1, < 6)
      activemodel (>= 4.1, < 6)
      case_transform (>= 0.2)
      jsonapi-renderer (>= 0.1.1.beta1, < 0.2)
    activejob (5.0.3)
      activesupport (= 5.0.3)
      globalid (>= 0.3.6)
    activemodel (5.0.3)
      activesupport (= 5.0.3)
    activerecord (5.0.3)
      activemodel (= 5.0.3)
      activesupport (= 5.0.3)
      arel (~> 7.0)
    activesupport (5.0.3)
      concurrent-ruby (~> 1.0, >= 1.0.2)
      i18n (~> 0.7)
      minitest (~> 5.1)
      tzinfo (~> 1.1)
    arel (7.1.4)
    awesome_print (1.7.0)
    aws-sdk (2.9.17)
      aws-sdk-resources (= 2.9.17)
    aws-sdk-core (2.9.17)
      aws-sigv4 (~> 1.0)
      jmespath (~> 1.0)
    aws-sdk-resources (2.9.17)
      aws-sdk-core (= 2.9.17)
    aws-sigv4 (1.0.0)
    bcrypt (3.1.11)
    bindex (0.5.0)
    builder (3.2.3)
    byebug (9.0.6)
    case_transform (0.2)
      activesupport
    chronic (0.10.2)
    concurrent-ruby (1.0.5)
    connection_pool (2.2.1)
    crass (1.0.2)
    erubis (2.7.0)
    ethon (0.10.1)
      ffi (>= 1.3.0)
    exception_notification (4.2.1)
      actionmailer (>= 4.0, < 6)
      activesupport (>= 4.0, < 6)
    faraday (0.12.1)
      multipart-post (>= 1.2, < 3)
    fast-stemmer (1.0.2)
    ffi (1.9.18)
    fuzzy-string-match (1.0.0)
      RubyInline (>= 3.8.6)
    geokit (1.11.0)
    globalid (0.4.0)
      activesupport (>= 4.2.0)
    hairtrigger (0.2.19)
      activerecord (>= 2.3)
      ruby2ruby (~> 2.3)
      ruby_parser (~> 3.8)
    i18n (0.8.1)
    jbuilder (2.6.4)
      activesupport (>= 3.0.0)
      multi_json (>= 1.2)
    jmespath (1.3.1)
    jsonapi-renderer (0.1.2)
    jwt (1.5.6)
    kgio (2.11.0)
    listen (3.0.8)
      rb-fsevent (~> 0.9, >= 0.9.4)
      rb-inotify (~> 0.9, >= 0.9.7)
    loofah (2.0.3)
      nokogiri (>= 1.5.9)
    mail (2.6.5)
      mime-types (>= 1.16, < 4)
    method_source (0.8.2)
    mime-types (3.1)
      mime-types-data (~> 3.2015)
    mime-types-data (3.2016.0521)
    mini_magick (4.7.0)
    mini_portile2 (2.1.0)
    minitest (5.10.2)
    multi_json (1.12.1)
    multipart-post (2.0.0)
    mustermann (1.0.0)
    nio4r (2.0.0)
    nokogiri (1.7.2)
      mini_portile2 (~> 2.1.0)
    nokogumbo (1.4.10)
      nokogiri
    paypal-sdk-rest (1.6.0)
      multi_json (~> 1.0)
      xml-simple
    pg (0.20.0)
    pg_search (2.0.1)
      activerecord (>= 4.2)
      activesupport (>= 4.2)
      arel (>= 6)
    pismo (0.7.4)
      awesome_print
      chronic
      fast-stemmer
      nokogiri
      sanitize
    puma (3.8.2)
    rack (2.0.2)
    rack-attack (5.0.1)
      rack
    rack-cache (1.6.1)
      rack (>= 0.4)
    rack-cors (0.4.1)
    rack-protection (2.0.0)
      rack
    rack-test (0.6.3)
      rack (>= 1.0)
    rails (5.0.3)
      actioncable (= 5.0.3)
      actionmailer (= 5.0.3)
      actionpack (= 5.0.3)
      actionview (= 5.0.3)
      activejob (= 5.0.3)
      activemodel (= 5.0.3)
      activerecord (= 5.0.3)
      activesupport (= 5.0.3)
      bundler (>= 1.3.0, < 2.0)
      railties (= 5.0.3)
      sprockets-rails (>= 2.0.0)
    rails-dom-testing (2.0.3)
      activesupport (>= 4.2.0)
      nokogiri (>= 1.6)
    rails-html-sanitizer (1.0.3)
      loofah (~> 2.0)
    railties (5.0.3)
      actionpack (= 5.0.3)
      activesupport (= 5.0.3)
      method_source
      rake (>= 0.8.7)
      thor (>= 0.18.1, < 2.0)
    raindrops (0.18.0)
    rake (12.0.0)
    rb-fsevent (0.9.8)
    rb-inotify (0.9.8)
      ffi (>= 0.5.0)
    redis (3.3.3)
    redis-actionpack (5.0.1)
      actionpack (>= 4.0, < 6)
      redis-rack (>= 1, < 3)
      redis-store (>= 1.1.0, < 1.4.0)
    redis-activesupport (5.0.2)
      activesupport (>= 3, < 6)
      redis-store (~> 1.3.0)
    redis-namespace (1.5.3)
      redis (~> 3.0, >= 3.0.4)
    redis-rack (2.0.2)
      rack (>= 1.5, < 3)
      redis-store (>= 1.2, < 1.4)
    redis-rack-cache (2.0.1)
      rack-cache (~> 1.6.0)
      redis-store (~> 1.3.0)
    redis-rails (5.0.2)
      redis-actionpack (>= 5.0, < 6)
      redis-activesupport (>= 5.0, < 6)
      redis-store (>= 1.2, < 2)
    redis-store (1.3.0)
      redis (>= 2.2)
    ruby2ruby (2.3.2)
      ruby_parser (~> 3.1)
      sexp_processor (~> 4.6)
    ruby_http_client (3.1.0)
    ruby_parser (3.9.0)
      sexp_processor (~> 4.1)
    sanitize (4.4.0)
      crass (~> 1.0.2)
      nokogiri (>= 1.4.4)
      nokogumbo (~> 1.4.1)
    sass (3.4.23)
    sass-rails (5.0.6)
      railties (>= 4.0.0, < 6)
      sass (~> 3.1)
      sprockets (>= 2.8, < 4.0)
      sprockets-rails (>= 2.0, < 4.0)
      tilt (>= 1.1, < 3)
    sendgrid-ruby (4.3.3)
      ruby_http_client (~> 3.0)
      sinatra (>= 1.4.7, < 3)
    sexp_processor (4.9.0)
    sidekiq (5.0.0)
      concurrent-ruby (~> 1.0)
      connection_pool (~> 2.2, >= 2.2.0)
      rack-protection (>= 1.5.0)
      redis (~> 3.3, >= 3.3.3)
    sinatra (2.0.0)
      mustermann (~> 1.0)
      rack (~> 2.0)
      rack-protection (= 2.0.0)
      tilt (~> 2.0)
    spring (2.0.1)
      activesupport (>= 4.2)
    spring-watcher-listen (2.0.1)
      listen (>= 2.7, < 4.0)
      spring (>= 1.2, < 3.0)
    sprockets (3.7.1)
      concurrent-ruby (~> 1.0)
      rack (> 1, < 3)
    sprockets-rails (3.2.0)
      actionpack (>= 4.0)
      activesupport (>= 4.0)
      sprockets (>= 3.0.0)
    streamio-ffmpeg (3.0.2)
      multi_json (~> 1.8)
    stripe (2.8.0)
      faraday (~> 0.9)
    taglib-ruby (0.7.1)
    text_rank (1.2.2)
    thor (0.19.4)
    thread_safe (0.3.6)
    tilt (2.0.7)
    typhoeus (1.1.2)
      ethon (>= 0.9.0)
    tzinfo (1.2.3)
      thread_safe (~> 0.1)
    unicorn (5.3.0)
      kgio (~> 2.6)
      raindrops (~> 0.7)
    web-console (3.5.1)
      actionview (>= 5.0)
      activemodel (>= 5.0)
      bindex (>= 0.4.0)
      railties (>= 5.0)
    websocket-driver (0.6.5)
      websocket-extensions (>= 0.1.0)
    websocket-extensions (0.1.2)
    whenever (0.9.7)
      chronic (>= 0.6.3)
    xml-simple (1.1.5)

PLATFORMS
  ruby

DEPENDENCIES
  active_model_serializers (~> 0.10.0)
  aws-sdk
  bcrypt
  byebug
  carrierwave!
  exception_notification
  fuzzy-string-match
  geokit
  hairtrigger
  jbuilder (~> 2.5)
  jwt
  listen (~> 3.0.5)
  mini_magick
  paypal-sdk-rest (~> 1.6)
  pg (~> 0.18)
  pg_search
  pismo
  puma (~> 3.0)
  rack-attack
  rack-cors
  rails (~> 5.0.3)
  redis-namespace
  redis-rack-cache
  redis-rails
  sass-rails (~> 5.0)
  sendgrid-ruby
  sidekiq
  spring
  spring-watcher-listen (~> 2.0.0)
  streamio-ffmpeg
  stripe
  taglib-ruby
  text_rank
  typhoeus
  tzinfo-data
  unicorn
  web-console
  whenever

BUNDLED WITH
   1.14.6
